GIT
  remote: git://github.com/kneath/kss.git
  revision: 86d7e308eef2b6885f72d42941c864f41c265d9f
  specs:
    kss (0.3.0)

GEM
  remote: http://rubygems.org/
  specs:
    chunky_png (1.2.5)
    compass (0.12.2)
      chunky_png (~> 1.2)
      fssm (>= 0.2.7)
      sass (~> 3.1)
    fssm (0.2.9)
    haml (3.1.4)
    newrelic_rpm (3.4.1)
    rack (1.4.0)
    rake (0.9.2)
    sass (3.2.0.alpha.247)
    shotgun (0.9)
      rack (>= 1.0)
    sinatra (1.2.7)
      rack (~> 1.1)
      tilt (>= 1.2.2, < 2.0)
    susy (1.0.rc.3)
      compass (>= 0.12.2)
      sass (>= 3.2.0.alpha.247)
    tilt (1.3.3)

PLATFORMS
  ruby

DEPENDENCIES
  compass (= 0.12.2)
  haml (~> 3.1.4)
  kss!
  newrelic_rpm
  rake
  sass (= 3.2.0.alpha.247)
  shotgun (~> 0.9)
  sinatra (~> 1.2.3)
  susy (= 1.0.rc.3)
